GEM
  remote: https://rubygems.org/
  specs:
    blankslate (3.1.3)
    domain_name (0.5.20160615)
      unf (>= 0.0.5, < 1.0.0)
    http-cookie (1.0.2)
      domain_name (~> 0.5)
    jimson (0.11.0)
      blankslate (~> 3.1, >= 3.1.3)
      multi_json (~> 1, >= 1.11.2)
      rack (~> 1, >= 1.4.5)
      rest-client (~> 1, >= 1.7.3)
    mime-types (2.99.2)
    multi_json (1.12.1)
    netrc (0.11.0)
    puma (3.5.2)
    rack (1.6.4)
    rest-client (1.8.0)
      http-cookie (>= 1.0.2, < 2.0)
      mime-types (>= 1.16, < 3.0)
      netrc (~> 0.7)
    unf (0.1.4)
      unf_ext
    unf_ext (0.0.7.2)

PLATFORMS
  ruby

DEPENDENCIES
  jimson
  puma

BUNDLED WITH
   1.12.5
